GEM
  remote: http://rubygems.org/
  specs:
    mocha (0.9.12)
    rake (0.9.2.2)

PLATFORMS
  ruby

DEPENDENCIES
  mocha (= 0.9.12)
  rake (= 0.9.2.2)
